GEM
  remote: https://rubygems.org/
  specs:
    coveralls-lcov (1.5.1)

PLATFORMS
  x64-mingw32

DEPENDENCIES
  coveralls-lcov

BUNDLED WITH
   2.0.1
